GEM
  remote: https://rubygems.org/
  specs:
    aws-sdk (2.1.31)
      aws-sdk-resources (= 2.1.31)
    aws-sdk-core (2.1.31)
      jmespath (~> 1.0)
    aws-sdk-resources (2.1.31)
      aws-sdk-core (= 2.1.31)
    aws-sdk-v1 (1.66.0)
      json (~> 1.4)
      nokogiri (>= 1.4.4)
    binding_of_caller (0.7.2)
      debug_inspector (>= 0.0.1)
    builder (3.2.2)
    byebug (5.0.0)
      columnize (= 0.9.0)
    chef-provisioning (1.4.1)
      cheffish (~> 1.3, >= 1.3.1)
      inifile (~> 2.0)
      mixlib-install (~> 0.6)
      net-scp (~> 1.0)
      net-ssh (~> 2.0)
      net-ssh-gateway (~> 1.2.0)
      winrm (~> 1.3)
    chef-provisioning-aws (1.5.1)
      aws-sdk (~> 2.1)
      aws-sdk-v1 (>= 1.59.0)
      chef-provisioning (~> 1.4)
      retryable (~> 2.0.1)
      ubuntu_ami (~> 0.4.1)
    chef-zero (4.3.2)
      ffi-yajl (~> 2.2)
      hashie (>= 2.0, < 4.0)
      mixlib-log (~> 1.3)
      rack
      uuidtools (~> 2.1)
    cheffish (1.6.0)
      chef-zero (~> 4.3)
    coderay (1.1.0)
    columnize (0.9.0)
    debug_inspector (0.0.2)
    ffi (1.9.10)
    ffi-yajl (2.2.2)
      libyajl2 (~> 1.2)
    gssapi (1.2.0)
      ffi (>= 1.0.1)
    gyoku (1.3.1)
      builder (>= 2.1.2)
    hashie (3.4.2)
    httpclient (2.6.0.1)
    inifile (2.0.2)
    jmespath (1.1.3)
    json (1.8.3)
    libyajl2 (1.2.0)
    little-plugger (1.1.4)
    logging (1.8.2)
      little-plugger (>= 1.1.3)
      multi_json (>= 1.8.4)
    method_source (0.8.2)
    mini_portile (0.6.2)
    mixlib-install (0.7.0)
    mixlib-log (1.6.0)
    multi_json (1.11.2)
    net-scp (1.2.1)
      net-ssh (>= 2.6.5)
    net-ssh (2.9.2)
    net-ssh-gateway (1.2.0)
      net-ssh (>= 2.6.5)
    nokogiri (1.6.6.2)
      mini_portile (~> 0.6.0)
    nori (2.6.0)
    pry (0.10.3)
      coderay (~> 1.1.0)
      method_source (~> 0.8.1)
      slop (~> 3.4)
    pry-byebug (3.2.0)
      byebug (~> 5.0)
      pry (~> 0.10)
    pry-stack_explorer (0.4.9.2)
      binding_of_caller (>= 0.7)
      pry (>= 0.9.11)
    rack (1.6.4)
    retryable (2.0.2)
    rubyntlm (0.4.0)
    slop (3.6.0)
    ubuntu_ami (0.4.1)
    uuidtools (2.1.5)
    winrm (1.3.4)
      builder (>= 2.1.2)
      gssapi (~> 1.2)
      gyoku (~> 1.0)
      httpclient (~> 2.2, >= 2.2.0.2)
      logging (~> 1.6, >= 1.6.1)
      nori (~> 2.0)
      rubyntlm (~> 0.4.0)
      uuidtools (~> 2.1.2)

PLATFORMS
  ruby

DEPENDENCIES
  chef-provisioning
  chef-provisioning-aws
  cheffish
  pry
  pry-byebug
  pry-stack_explorer
